STORAGE: NONE
NUGET
  remote: https://api.nuget.org/v3/index.json
    Akka (1.5.40) - restriction: >= netstandard2.0
      Akka.Analyzers (>= 0.3.1) - restriction: >= netstandard2.0
      Microsoft.Extensions.ObjectPool (>= 6.0.36) - restriction: >= netstandard2.0
      Newtonsoft.Json (>= 13.0.1) - restriction: >= netstandard2.0
      System.Collections.Immutable (>= 6.0.1) - restriction: >= netstandard2.0
      System.Configuration.ConfigurationManager (>= 6.0.1) - restriction: >= netstandard2.0
      System.Reflection.Emit (>= 4.7) - restriction: && (< net6.0) (>= netstandard2.0)
      System.Threading.Channels (>= 6.0) - restriction: && (< net6.0) (>= netstandard2.0)
    Akka.Analyzers (0.3.1) - restriction: >= netstandard2.0
    Akka.FSharp (1.5.40)
      Akka (>= 1.5.40) - restriction: >= netstandard2.0
      FSharp.Core (>= 8.0.400) - restriction: >= netstandard2.0
      FSharp.Quotations.Evaluator (>= 2.1) - restriction: >= netstandard2.0
      FsPickler (>= 5.3.2) - restriction: >= netstandard2.0
    AngleSharp (1.3)
      System.Text.Encoding.CodePages (>= 8.0) - restriction: || (>= net462) (&& (< net6.0) (>= netstandard2.0))
    Aspire.Hosting (9.2.1) - restriction: >= net8.0
      AspNetCore.HealthChecks.Uris (>= 9.0) - restriction: >= net8.0
      Google.Protobuf (>= 3.30.1) - restriction: >= net8.0
      Grpc.AspNetCore (>= 2.70) - restriction: >= net8.0
      Grpc.Net.ClientFactory (>= 2.70) - restriction: >= net8.0
      Grpc.Tools (>= 2.71) - restriction: >= net8.0
      Humanizer.Core (>= 2.14.1) - restriction: >= net8.0
      JsonPatch.Net (>= 3.3) - restriction: >= net8.0
      KubernetesClient (>= 16.0.2) - restriction: >= net8.0
      Microsoft.Extensions.Configuration.Abstractions (>= 8.0) - restriction: >= net8.0
      Microsoft.Extensions.Configuration.Binder (>= 8.0.2) - restriction: >= net8.0
      Microsoft.Extensions.DependencyInjection.Abstractions (>= 8.0.2) - restriction: >= net8.0
      Microsoft.Extensions.Diagnostics.HealthChecks (>= 8.0.15) - restriction: >= net8.0
      Microsoft.Extensions.Hosting (>= 8.0.1) - restriction: >= net8.0
      Microsoft.Extensions.Hosting.Abstractions (>= 8.0.1) - restriction: >= net8.0
      Microsoft.Extensions.Http (>= 8.0.1) - restriction: >= net8.0
      Microsoft.Extensions.Logging.Abstractions (>= 8.0.3) - restriction: >= net8.0
      Microsoft.Extensions.Options (>= 8.0.2) - restriction: >= net8.0
      Microsoft.Extensions.Primitives (>= 8.0) - restriction: >= net8.0
      Newtonsoft.Json (>= 13.0.3) - restriction: >= net8.0
      Polly.Core (>= 8.5.2) - restriction: >= net8.0
      StreamJsonRpc (>= 2.21.69) - restriction: >= net8.0
      System.IO.Hashing (>= 9.0.3) - restriction: >= net8.0
    Aspire.Hosting.PostgreSQL (9.2.1)
      Aspire.Hosting (>= 9.2.1) - restriction: >= net8.0
      AspNetCore.HealthChecks.NpgSql (>= 9.0) - restriction: >= net8.0
      AspNetCore.HealthChecks.Uris (>= 9.0) - restriction: >= net8.0
      Google.Protobuf (>= 3.30.1) - restriction: >= net8.0
      Grpc.AspNetCore (>= 2.70) - restriction: >= net8.0
      Grpc.Net.ClientFactory (>= 2.70) - restriction: >= net8.0
      Grpc.Tools (>= 2.71) - restriction: >= net8.0
      Humanizer.Core (>= 2.14.1) - restriction: >= net8.0
      JsonPatch.Net (>= 3.3) - restriction: >= net8.0
      KubernetesClient (>= 16.0.2) - restriction: >= net8.0
      Microsoft.Extensions.Configuration.Abstractions (>= 8.0) - restriction: >= net8.0
      Microsoft.Extensions.Configuration.Binder (>= 8.0.2) - restriction: >= net8.0
      Microsoft.Extensions.DependencyInjection.Abstractions (>= 8.0.2) - restriction: >= net8.0
      Microsoft.Extensions.Diagnostics.HealthChecks (>= 8.0.15) - restriction: >= net8.0
      Microsoft.Extensions.Hosting (>= 8.0.1) - restriction: >= net8.0
      Microsoft.Extensions.Hosting.Abstractions (>= 8.0.1) - restriction: >= net8.0
      Microsoft.Extensions.Http (>= 8.0.1) - restriction: >= net8.0
      Microsoft.Extensions.Logging.Abstractions (>= 8.0.3) - restriction: >= net8.0
      Microsoft.Extensions.Options (>= 8.0.2) - restriction: >= net8.0
      Microsoft.Extensions.Primitives (>= 8.0) - restriction: >= net8.0
      Newtonsoft.Json (>= 13.0.3) - restriction: >= net8.0
      Polly.Core (>= 8.5.2) - restriction: >= net8.0
      StreamJsonRpc (>= 2.21.69) - restriction: >= net8.0
      System.IO.Hashing (>= 9.0.3) - restriction: >= net8.0
    Aspire.Npgsql (9.2.1)
      AspNetCore.HealthChecks.NpgSql (>= 9.0) - restriction: >= net8.0
      Microsoft.Extensions.Configuration.Abstractions (>= 8.0) - restriction: >= net8.0
      Microsoft.Extensions.Configuration.Binder (>= 8.0.2) - restriction: >= net8.0
      Microsoft.Extensions.DependencyInjection.Abstractions (>= 8.0.2) - restriction: >= net8.0
      Microsoft.Extensions.Diagnostics.HealthChecks (>= 8.0.15) - restriction: >= net8.0
      Microsoft.Extensions.Hosting.Abstractions (>= 8.0.1) - restriction: >= net8.0
      Microsoft.Extensions.Logging.Abstractions (>= 8.0.3) - restriction: >= net8.0
      Microsoft.Extensions.Options (>= 8.0.2) - restriction: >= net8.0
      Microsoft.Extensions.Primitives (>= 8.0) - restriction: >= net8.0
      Npgsql.DependencyInjection (>= 9.0.3) - restriction: >= net8.0
      Npgsql.OpenTelemetry (>= 9.0.2) - restriction: >= net8.0
      OpenTelemetry.Extensions.Hosting (>= 1.9) - restriction: >= net8.0
    AspNetCore.HealthChecks.NpgSql (9.0) - restriction: >= net8.0
      Microsoft.Extensions.Diagnostics.HealthChecks (>= 8.0.11) - restriction: >= netstandard2.0
      Npgsql (>= 8.0.3) - restriction: >= netstandard2.0
    AspNetCore.HealthChecks.Uris (9.0) - restriction: >= net8.0
      Microsoft.Extensions.Diagnostics.HealthChecks (>= 8.0.11) - restriction: >= netstandard2.0
      Microsoft.Extensions.Http (>= 8.0) - restriction: >= netstandard2.0
    Fractions (8.3.2) - restriction: >= net8.0
    FSharp.Control.TaskSeq (0.4)
      FSharp.Core (>= 6.0.1) - restriction: >= netstandard2.1
    FSharp.Core (9.0.202) - restriction: >= netstandard2.0
    FSharp.Quotations.Evaluator (2.1) - restriction: >= netstandard2.0
      FSharp.Core (>= 4.3.1) - restriction: >= netstandard2.0
    FsPickler (5.3.2) - restriction: >= netstandard2.0
      FSharp.Core (>= 4.3.2) - restriction: || (>= net45) (>= netstandard2.0)
      System.Reflection.Emit.Lightweight (>= 4.3) - restriction: && (< net45) (>= netstandard2.0)
    Google.Protobuf (3.30.2) - restriction: >= net8.0
    Grpc.AspNetCore (2.71) - restriction: >= net8.0
      Google.Protobuf (>= 3.30.2) - restriction: >= net6.0
      Grpc.AspNetCore.Server.ClientFactory (>= 2.71) - restriction: >= net6.0
      Grpc.Tools (>= 2.71) - restriction: >= net6.0
    Grpc.AspNetCore.Server (2.71) - restriction: >= net8.0
      Grpc.Net.Common (>= 2.71) - restriction: >= net6.0
    Grpc.AspNetCore.Server.ClientFactory (2.71) - restriction: >= net8.0
      Grpc.AspNetCore.Server (>= 2.71) - restriction: >= net6.0
      Grpc.Net.ClientFactory (>= 2.71) - restriction: >= net6.0
    Grpc.Core (2.46.6) - restriction: || (>= net462) (&& (>= netstandard2.0) (< netstandard2.1))
      Grpc.Core.Api (>= 2.46.6) - restriction: || (>= net45) (>= netstandard1.5)
      System.Memory (>= 4.5.3) - restriction: || (>= net45) (>= netstandard1.5)
    Grpc.Core.Api (2.71) - restriction: || (&& (>= net45) (>= netstandard2.0)) (>= net462) (>= net8.0) (&& (>= netstandard2.0) (< netstandard2.1))
      System.Memory (>= 4.5.3) - restriction: || (>= net462) (&& (>= netstandard2.0) (< netstandard2.1))
    Grpc.Net.Client (2.71) - restriction: >= net8.0
      Grpc.Net.Common (>= 2.71) - restriction: || (>= net462) (>= netstandard2.0)
      Microsoft.Extensions.Logging.Abstractions (>= 6.0) - restriction: || (>= net462) (>= netstandard2.0)
    Grpc.Net.ClientFactory (2.71) - restriction: >= net8.0
      Grpc.Net.Client (>= 2.71) - restriction: >= netstandard2.0
      Microsoft.Extensions.Http (>= 6.0) - restriction: >= netstandard2.0
    Grpc.Net.Common (2.71) - restriction: >= net8.0
      Grpc.Core.Api (>= 2.71) - restriction: >= netstandard2.0
    Grpc.Tools (2.71) - restriction: >= net8.0
    Humanizer.Core (2.14.1) - restriction: >= net8.0
    IdentityModel (7.0) - restriction: >= net8.0
    IdentityModel.OidcClient (6.0) - restriction: >= net8.0
      IdentityModel (>= 7.0) - restriction: >= netstandard2.0
      Microsoft.Extensions.Logging.Abstractions (>= 8.0) - restriction: >= netstandard2.0
    Json.More.Net (2.1.2) - restriction: >= net8.0
    JsonPatch.Net (3.3) - restriction: >= net8.0
      JsonPointer.Net (>= 5.2) - restriction: >= netstandard2.0
    JsonPointer.Net (5.3.1) - restriction: >= net8.0
      Humanizer.Core (>= 2.14.1) - restriction: >= netstandard2.0
      Json.More.Net (>= 2.1.1) - restriction: >= netstandard2.0
    KubernetesClient (16.0.2) - restriction: >= net8.0
      Fractions (>= 7.3) - restriction: >= net8.0
      IdentityModel.OidcClient (>= 6.0) - restriction: >= net8.0
      System.IdentityModel.Tokens.Jwt (>= 8.3) - restriction: >= net8.0
      YamlDotNet (>= 16.3) - restriction: >= net8.0
    MessagePack (3.1.3) - restriction: >= net8.0
      MessagePack.Annotations (>= 3.1.3) - restriction: >= netstandard2.0
      MessagePackAnalyzer (>= 3.1.3) - restriction: >= netstandard2.0
      Microsoft.NET.StringTools (>= 17.11.4) - restriction: >= netstandard2.0
    MessagePack.Annotations (3.1.3) - restriction: >= net8.0
    MessagePackAnalyzer (3.1.3) - restriction: >= net8.0
    Microsoft.AspNetCore.Http.Abstractions (2.3) - restriction: && (< net8.0) (>= netstandard2.0)
      Microsoft.AspNetCore.Http.Features (>= 2.3) - restriction: >= netstandard2.0
      System.Text.Encodings.Web (>= 8.0) - restriction: >= netstandard2.0
    Microsoft.AspNetCore.Http.Features (5.0.17) - restriction: && (< net8.0) (>= netstandard2.0)
      Microsoft.Extensions.Primitives (>= 5.0.1) - restriction: || (>= net461) (>= netstandard2.0)
      System.IO.Pipelines (>= 5.0.2) - restriction: || (>= net461) (>= netstandard2.0)
    Microsoft.AspNetCore.OpenApi (9.0.4)
      Microsoft.OpenApi (>= 1.6.17) - restriction: >= net9.0
    Microsoft.Bcl.AsyncInterfaces (9.0.4) - restriction: || (>= net462) (&& (>= net8.0) (< net9.0)) (>= netstandard2.0)
      System.Threading.Tasks.Extensions (>= 4.5.4) - restriction: || (>= net462) (&& (>= netstandard2.0) (< netstandard2.1))
    Microsoft.Bcl.HashCode (6.0) - restriction: >= net462
    Microsoft.Bcl.Memory (9.0.4) - restriction: || (&& (>= net462) (>= net8.0)) (&& (< net6.0) (>= net8.0)) (&& (>= net8.0) (< net9.0))
    Microsoft.Bcl.TimeProvider (9.0.4) - restriction: >= net462
      Microsoft.Bcl.AsyncInterfaces (>= 9.0.4) - restriction: || (>= net462) (&& (< net8.0) (>= netstandard2.0))
      System.ValueTuple (>= 4.5) - restriction: >= net462
    Microsoft.Data.Sqlite (9.0.4)
      Microsoft.Data.Sqlite.Core (>= 9.0.4) - restriction: >= netstandard2.0
      SQLitePCLRaw.bundle_e_sqlite3 (>= 2.1.10) - restriction: >= netstandard2.0
      SQLitePCLRaw.core (>= 2.1.10) - restriction: >= netstandard2.0
    Microsoft.Data.Sqlite.Core (9.0.4) - restriction: >= netstandard2.0
      SQLitePCLRaw.core (>= 2.1.10) - restriction: >= netstandard2.0
    Microsoft.Extensions.AmbientMetadata.Application (9.4) - restriction: || (>= net462) (>= net8.0)
      Microsoft.Extensions.Configuration (>= 8.0) - restriction: || (>= net462) (&& (>= net8.0) (< net9.0))
      Microsoft.Extensions.Configuration (>= 9.0.4) - restriction: >= net9.0
      Microsoft.Extensions.Hosting.Abstractions (>= 8.0.1) - restriction: || (>= net462) (&& (>= net8.0) (< net9.0))
      Microsoft.Extensions.Hosting.Abstractions (>= 9.0.4) - restriction: >= net9.0
      Microsoft.Extensions.Options.ConfigurationExtensions (>= 8.0) - restriction: || (>= net462) (&& (>= net8.0) (< net9.0))
      Microsoft.Extensions.Options.ConfigurationExtensions (>= 9.0.4) - restriction: >= net9.0
    Microsoft.Extensions.Compliance.Abstractions (9.4) - restriction: || (>= net462) (>= net8.0)
      Microsoft.Bcl.HashCode (>= 1.1.1) - restriction: && (< net8.0) (>= netstandard2.0)
      Microsoft.Extensions.DependencyInjection.Abstractions (>= 8.0.2) - restriction: || (&& (>= net8.0) (< net9.0)) (&& (< net8.0) (>= netstandard2.0))
      Microsoft.Extensions.DependencyInjection.Abstractions (>= 9.0.4) - restriction: >= net9.0
      Microsoft.Extensions.ObjectPool (>= 8.0.15) - restriction: || (&& (>= net8.0) (< net9.0)) (&& (< net8.0) (>= netstandard2.0))
      Microsoft.Extensions.ObjectPool (>= 9.0.4) - restriction: >= net9.0
      System.Memory (>= 4.5.5) - restriction: && (< net8.0) (>= netstandard2.0)
    Microsoft.Extensions.Configuration (9.0.4) - restriction: || (>= net462) (>= netstandard2.0)
      Microsoft.Extensions.Configuration.Abstractions (>= 9.0.4) - restriction: || (>= net462) (>= netstandard2.0)
      Microsoft.Extensions.Primitives (>= 9.0.4) - restriction: || (>= net462) (>= netstandard2.0)
    Microsoft.Extensions.Configuration.Abstractions (9.0.4) - restriction: || (>= net462) (>= netstandard2.0)
      Microsoft.Extensions.Primitives (>= 9.0.4) - restriction: || (>= net462) (>= netstandard2.0)
      System.ValueTuple (>= 4.5) - restriction: >= net462
    Microsoft.Extensions.Configuration.Binder (9.0.4) - restriction: || (>= net462) (>= net8.0)
      Microsoft.Extensions.Configuration.Abstractions (>= 9.0.4) - restriction: || (>= net462) (>= netstandard2.0)
    Microsoft.Extensions.Configuration.CommandLine (9.0.4) - restriction: >= net8.0
      Microsoft.Extensions.Configuration (>= 9.0.4) - restriction: || (>= net462) (>= netstandard2.0)
      Microsoft.Extensions.Configuration.Abstractions (>= 9.0.4) - restriction: || (>= net462) (>= netstandard2.0)
    Microsoft.Extensions.Configuration.EnvironmentVariables (9.0.4) - restriction: >= net8.0
      Microsoft.Extensions.Configuration (>= 9.0.4) - restriction: || (>= net462) (>= netstandard2.0)
      Microsoft.Extensions.Configuration.Abstractions (>= 9.0.4) - restriction: || (>= net462) (>= netstandard2.0)
    Microsoft.Extensions.Configuration.FileExtensions (9.0.4) - restriction: >= net8.0
      Microsoft.Extensions.Configuration (>= 9.0.4) - restriction: || (>= net462) (>= netstandard2.0)
      Microsoft.Extensions.Configuration.Abstractions (>= 9.0.4) - restriction: || (>= net462) (>= netstandard2.0)
      Microsoft.Extensions.FileProviders.Abstractions (>= 9.0.4) - restriction: || (>= net462) (>= netstandard2.0)
      Microsoft.Extensions.FileProviders.Physical (>= 9.0.4) - restriction: || (>= net462) (>= netstandard2.0)
      Microsoft.Extensions.Primitives (>= 9.0.4) - restriction: || (>= net462) (>= netstandard2.0)
    Microsoft.Extensions.Configuration.Json (9.0.4) - restriction: >= net8.0
      Microsoft.Extensions.Configuration (>= 9.0.4) - restriction: || (>= net462) (>= netstandard2.0)
      Microsoft.Extensions.Configuration.Abstractions (>= 9.0.4) - restriction: || (>= net462) (>= netstandard2.0)
      Microsoft.Extensions.Configuration.FileExtensions (>= 9.0.4) - restriction: || (>= net462) (>= netstandard2.0)
      Microsoft.Extensions.FileProviders.Abstractions (>= 9.0.4) - restriction: || (>= net462) (>= netstandard2.0)
      System.Text.Json (>= 9.0.4) - restriction: || (>= net462) (&& (>= net8.0) (< net9.0)) (&& (< net8.0) (>= netstandard2.1)) (&& (>= netstandard2.0) (< netstandard2.1))
    Microsoft.Extensions.Configuration.UserSecrets (9.0.4) - restriction: >= net8.0
      Microsoft.Extensions.Configuration.Abstractions (>= 9.0.4) - restriction: || (>= net462) (>= netstandard2.0)
      Microsoft.Extensions.Configuration.Json (>= 9.0.4) - restriction: || (>= net462) (>= netstandard2.0)
      Microsoft.Extensions.FileProviders.Abstractions (>= 9.0.4) - restriction: || (>= net462) (>= netstandard2.0)
      Microsoft.Extensions.FileProviders.Physical (>= 9.0.4) - restriction: || (>= net462) (>= netstandard2.0)
    Microsoft.Extensions.DependencyInjection (9.0.4) - restriction: >= net8.0
      Microsoft.Extensions.DependencyInjection.Abstractions (>= 9.0.4) - restriction: || (>= net462) (>= netstandard2.0)
    Microsoft.Extensions.DependencyInjection.Abstractions (9.0.4) - restriction: || (>= net462) (>= netstandard2.0)
    Microsoft.Extensions.DependencyInjection.AutoActivation (9.4) - restriction: || (>= net462) (>= net8.0)
      Microsoft.Extensions.Hosting.Abstractions (>= 8.0.1) - restriction: || (>= net462) (&& (>= net8.0) (< net9.0))
      Microsoft.Extensions.Hosting.Abstractions (>= 9.0.4) - restriction: >= net9.0
    Microsoft.Extensions.Diagnostics (9.0.4) - restriction: || (>= net462) (>= net8.0)
      Microsoft.Extensions.Configuration (>= 9.0.4) - restriction: || (>= net462) (>= netstandard2.0)
      Microsoft.Extensions.Diagnostics.Abstractions (>= 9.0.4) - restriction: || (>= net462) (>= netstandard2.0)
      Microsoft.Extensions.Options.ConfigurationExtensions (>= 9.0.4) - restriction: || (>= net462) (>= netstandard2.0)
    Microsoft.Extensions.Diagnostics.Abstractions (9.0.4) - restriction: || (>= net462) (>= netstandard2.0)
      Microsoft.Extensions.DependencyInjection.Abstractions (>= 9.0.4) - restriction: || (>= net462) (>= netstandard2.0)
      Microsoft.Extensions.Options (>= 9.0.4) - restriction: || (>= net462) (>= netstandard2.0)
      System.Buffers (>= 4.5.1) - restriction: || (>= net462) (&& (< net8.0) (>= netstandard2.0))
      System.Diagnostics.DiagnosticSource (>= 9.0.4) - restriction: || (>= net462) (&& (>= net8.0) (< net9.0)) (&& (< net8.0) (>= netstandard2.0))
      System.Memory (>= 4.5.5) - restriction: || (>= net462) (&& (< net8.0) (>= netstandard2.0))
    Microsoft.Extensions.Diagnostics.ExceptionSummarization (9.4) - restriction: || (>= net462) (>= net8.0)
      Microsoft.Bcl.HashCode (>= 1.1.1) - restriction: >= net462
      Microsoft.Extensions.DependencyInjection.Abstractions (>= 8.0.2) - restriction: || (>= net462) (&& (>= net8.0) (< net9.0))
      Microsoft.Extensions.DependencyInjection.Abstractions (>= 9.0.4) - restriction: >= net9.0
      System.Collections.Immutable (>= 8.0) - restriction: >= net462
    Microsoft.Extensions.Diagnostics.HealthChecks (9.0.4) - restriction: >= net8.0
      Microsoft.Bcl.AsyncInterfaces (>= 9.0.4) - restriction: || (>= net462) (&& (< net9.0) (>= netstandard2.0))
      Microsoft.Extensions.Diagnostics.HealthChecks.Abstractions (>= 9.0.4) - restriction: || (>= net462) (>= netstandard2.0)
      Microsoft.Extensions.Hosting.Abstractions (>= 9.0.4) - restriction: || (>= net462) (>= netstandard2.0)
      Microsoft.Extensions.Logging.Abstractions (>= 9.0.4) - restriction: || (>= net462) (>= netstandard2.0)
      Microsoft.Extensions.Options (>= 9.0.4) - restriction: || (>= net462) (>= netstandard2.0)
    Microsoft.Extensions.Diagnostics.HealthChecks.Abstractions (9.0.4) - restriction: >= net8.0
    Microsoft.Extensions.Features (9.0.4) - restriction: >= net8.0
    Microsoft.Extensions.FileProviders.Abstractions (9.0.4) - restriction: || (>= net462) (>= netstandard2.0)
      Microsoft.Extensions.Primitives (>= 9.0.4) - restriction: || (>= net462) (>= netstandard2.0)
    Microsoft.Extensions.FileProviders.Physical (9.0.4) - restriction: >= net8.0
      Microsoft.Extensions.FileProviders.Abstractions (>= 9.0.4) - restriction: || (>= net462) (>= netstandard2.0)
      Microsoft.Extensions.FileSystemGlobbing (>= 9.0.4) - restriction: || (>= net462) (>= netstandard2.0)
      Microsoft.Extensions.Primitives (>= 9.0.4) - restriction: || (>= net462) (>= netstandard2.0)
    Microsoft.Extensions.FileSystemGlobbing (9.0.4) - restriction: >= net8.0
    Microsoft.Extensions.Hosting (9.0.4) - restriction: >= net8.0
      Microsoft.Extensions.Configuration (>= 9.0.4) - restriction: || (>= net462) (>= netstandard2.0)
      Microsoft.Extensions.Configuration.Abstractions (>= 9.0.4) - restriction: || (>= net462) (>= netstandard2.0)
      Microsoft.Extensions.Configuration.Binder (>= 9.0.4) - restriction: || (>= net462) (>= netstandard2.0)
      Microsoft.Extensions.Configuration.CommandLine (>= 9.0.4) - restriction: || (>= net462) (>= netstandard2.0)
      Microsoft.Extensions.Configuration.EnvironmentVariables (>= 9.0.4) - restriction: || (>= net462) (>= netstandard2.0)
      Microsoft.Extensions.Configuration.FileExtensions (>= 9.0.4) - restriction: || (>= net462) (>= netstandard2.0)
      Microsoft.Extensions.Configuration.Json (>= 9.0.4) - restriction: || (>= net462) (>= netstandard2.0)
      Microsoft.Extensions.Configuration.UserSecrets (>= 9.0.4) - restriction: || (>= net462) (>= netstandard2.0)
      Microsoft.Extensions.DependencyInjection (>= 9.0.4) - restriction: || (>= net462) (>= netstandard2.0)
      Microsoft.Extensions.DependencyInjection.Abstractions (>= 9.0.4) - restriction: || (>= net462) (>= netstandard2.0)
      Microsoft.Extensions.Diagnostics (>= 9.0.4) - restriction: || (>= net462) (>= netstandard2.0)
      Microsoft.Extensions.FileProviders.Abstractions (>= 9.0.4) - restriction: || (>= net462) (>= netstandard2.0)
      Microsoft.Extensions.FileProviders.Physical (>= 9.0.4) - restriction: || (>= net462) (>= netstandard2.0)
      Microsoft.Extensions.Hosting.Abstractions (>= 9.0.4) - restriction: || (>= net462) (>= netstandard2.0)
      Microsoft.Extensions.Logging (>= 9.0.4) - restriction: || (>= net462) (>= netstandard2.0)
      Microsoft.Extensions.Logging.Abstractions (>= 9.0.4) - restriction: || (>= net462) (>= netstandard2.0)
      Microsoft.Extensions.Logging.Configuration (>= 9.0.4) - restriction: || (>= net462) (>= netstandard2.0)
      Microsoft.Extensions.Logging.Console (>= 9.0.4) - restriction: || (>= net462) (>= netstandard2.0)
      Microsoft.Extensions.Logging.Debug (>= 9.0.4) - restriction: || (>= net462) (>= netstandard2.0)
      Microsoft.Extensions.Logging.EventLog (>= 9.0.4) - restriction: || (>= net462) (>= netstandard2.0)
      Microsoft.Extensions.Logging.EventSource (>= 9.0.4) - restriction: || (>= net462) (>= netstandard2.0)
      Microsoft.Extensions.Options (>= 9.0.4) - restriction: || (>= net462) (>= netstandard2.0)
    Microsoft.Extensions.Hosting.Abstractions (9.0.4) - restriction: || (>= net462) (>= netstandard2.0)
      Microsoft.Bcl.AsyncInterfaces (>= 9.0.4) - restriction: || (>= net462) (&& (>= netstandard2.0) (< netstandard2.1))
      Microsoft.Extensions.Configuration.Abstractions (>= 9.0.4) - restriction: || (>= net462) (>= netstandard2.0)
      Microsoft.Extensions.DependencyInjection.Abstractions (>= 9.0.4) - restriction: || (>= net462) (>= netstandard2.0)
      Microsoft.Extensions.Diagnostics.Abstractions (>= 9.0.4) - restriction: || (>= net462) (>= netstandard2.0)
      Microsoft.Extensions.FileProviders.Abstractions (>= 9.0.4) - restriction: || (>= net462) (>= netstandard2.0)
      Microsoft.Extensions.Logging.Abstractions (>= 9.0.4) - restriction: || (>= net462) (>= netstandard2.0)
      System.Threading.Tasks.Extensions (>= 4.5.4) - restriction: || (>= net462) (&& (>= netstandard2.0) (< netstandard2.1))
    Microsoft.Extensions.Http (9.0.4) - restriction: || (>= net462) (>= net8.0)
      Microsoft.Extensions.Configuration.Abstractions (>= 9.0.4) - restriction: || (>= net462) (>= netstandard2.0)
      Microsoft.Extensions.DependencyInjection.Abstractions (>= 9.0.4) - restriction: || (>= net462) (>= netstandard2.0)
      Microsoft.Extensions.Diagnostics (>= 9.0.4) - restriction: >= net8.0
      Microsoft.Extensions.Logging (>= 9.0.4) - restriction: || (>= net462) (>= netstandard2.0)
      Microsoft.Extensions.Logging.Abstractions (>= 9.0.4) - restriction: || (>= net462) (>= netstandard2.0)
      Microsoft.Extensions.Options (>= 9.0.4) - restriction: || (>= net462) (>= netstandard2.0)
    Microsoft.Extensions.Http.Diagnostics (9.4) - restriction: || (>= net462) (>= net8.0)
      Microsoft.Extensions.DependencyInjection.AutoActivation (>= 9.4) - restriction: || (>= net462) (>= net8.0)
      Microsoft.Extensions.Http (>= 8.0.1) - restriction: || (>= net462) (&& (>= net8.0) (< net9.0))
      Microsoft.Extensions.Http (>= 9.0.4) - restriction: >= net9.0
      Microsoft.Extensions.Options.ConfigurationExtensions (>= 8.0) - restriction: || (>= net462) (&& (>= net8.0) (< net9.0))
      Microsoft.Extensions.Options.ConfigurationExtensions (>= 9.0.4) - restriction: >= net9.0
      Microsoft.Extensions.Telemetry (>= 9.4) - restriction: || (>= net462) (>= net8.0)
      System.IO.Pipelines (>= 8.0) - restriction: || (>= net462) (&& (>= net8.0) (< net9.0))
      System.IO.Pipelines (>= 9.0.4) - restriction: >= net9.0
    Microsoft.Extensions.Http.Resilience (9.4)
      Microsoft.Extensions.Configuration.Binder (>= 8.0.2) - restriction: || (>= net462) (&& (>= net8.0) (< net9.0))
      Microsoft.Extensions.Configuration.Binder (>= 9.0.4) - restriction: >= net9.0
      Microsoft.Extensions.Http.Diagnostics (>= 9.4) - restriction: || (>= net462) (>= net8.0)
      Microsoft.Extensions.ObjectPool (>= 8.0.15) - restriction: || (>= net462) (&& (>= net8.0) (< net9.0))
      Microsoft.Extensions.ObjectPool (>= 9.0.4) - restriction: >= net9.0
      Microsoft.Extensions.Resilience (>= 9.4) - restriction: || (>= net462) (>= net8.0)
    Microsoft.Extensions.Logging (9.0.4) - restriction: >= net8.0
      Microsoft.Extensions.DependencyInjection (>= 9.0.4) - restriction: || (>= net462) (>= netstandard2.0)
      Microsoft.Extensions.Logging.Abstractions (>= 9.0.4) - restriction: || (>= net462) (>= netstandard2.0)
      Microsoft.Extensions.Options (>= 9.0.4) - restriction: || (>= net462) (>= netstandard2.0)
    Microsoft.Extensions.Logging.Abstractions (9.0.4) - restriction: || (>= net462) (>= netstandard2.0)
      Microsoft.Extensions.DependencyInjection.Abstractions (>= 9.0.4) - restriction: || (>= net462) (>= netstandard2.0)
      System.Diagnostics.DiagnosticSource (>= 9.0.4) - restriction: || (>= net462) (&& (>= net8.0) (< net9.0)) (&& (< net8.0) (>= netstandard2.0))
    Microsoft.Extensions.Logging.Configuration (9.0.4) - restriction: || (>= net462) (>= netstandard2.0)
      Microsoft.Extensions.Configuration (>= 9.0.4) - restriction: || (>= net462) (>= netstandard2.0)
      Microsoft.Extensions.Configuration.Abstractions (>= 9.0.4) - restriction: || (>= net462) (>= netstandard2.0)
      Microsoft.Extensions.Configuration.Binder (>= 9.0.4) - restriction: || (>= net462) (>= netstandard2.0)
      Microsoft.Extensions.DependencyInjection.Abstractions (>= 9.0.4) - restriction: || (>= net462) (>= netstandard2.0)
      Microsoft.Extensions.Logging (>= 9.0.4) - restriction: || (>= net462) (>= netstandard2.0)
      Microsoft.Extensions.Logging.Abstractions (>= 9.0.4) - restriction: || (>= net462) (>= netstandard2.0)
      Microsoft.Extensions.Options (>= 9.0.4) - restriction: || (>= net462) (>= netstandard2.0)
      Microsoft.Extensions.Options.ConfigurationExtensions (>= 9.0.4) - restriction: || (>= net462) (>= netstandard2.0)
    Microsoft.Extensions.Logging.Console (9.0.4) - restriction: >= net8.0
      Microsoft.Extensions.DependencyInjection.Abstractions (>= 9.0.4) - restriction: || (>= net462) (>= netstandard2.0)
      Microsoft.Extensions.Logging (>= 9.0.4) - restriction: || (>= net462) (>= netstandard2.0)
      Microsoft.Extensions.Logging.Abstractions (>= 9.0.4) - restriction: || (>= net462) (>= netstandard2.0)
      Microsoft.Extensions.Logging.Configuration (>= 9.0.4) - restriction: || (>= net462) (>= netstandard2.0)
      Microsoft.Extensions.Options (>= 9.0.4) - restriction: || (>= net462) (>= netstandard2.0)
      System.Text.Json (>= 9.0.4) - restriction: || (>= net462) (&& (>= net8.0) (< net9.0)) (&& (< net8.0) (>= netstandard2.0))
    Microsoft.Extensions.Logging.Debug (9.0.4) - restriction: >= net8.0
      Microsoft.Extensions.DependencyInjection.Abstractions (>= 9.0.4) - restriction: || (>= net462) (>= netstandard2.0)
      Microsoft.Extensions.Logging (>= 9.0.4) - restriction: || (>= net462) (>= netstandard2.0)
      Microsoft.Extensions.Logging.Abstractions (>= 9.0.4) - restriction: || (>= net462) (>= netstandard2.0)
    Microsoft.Extensions.Logging.EventLog (9.0.4) - restriction: >= net8.0
      Microsoft.Extensions.DependencyInjection.Abstractions (>= 9.0.4) - restriction: || (>= net462) (>= netstandard2.0)
      Microsoft.Extensions.Logging (>= 9.0.4) - restriction: || (>= net462) (>= netstandard2.0)
      Microsoft.Extensions.Logging.Abstractions (>= 9.0.4) - restriction: || (>= net462) (>= netstandard2.0)
      Microsoft.Extensions.Options (>= 9.0.4) - restriction: || (>= net462) (>= netstandard2.0)
      System.Diagnostics.EventLog (>= 9.0.4) - restriction: || (&& (< net462) (>= netstandard2.0)) (>= net8.0)
    Microsoft.Extensions.Logging.EventSource (9.0.4) - restriction: >= net8.0
      Microsoft.Extensions.DependencyInjection.Abstractions (>= 9.0.4) - restriction: || (>= net462) (>= netstandard2.0)
      Microsoft.Extensions.Logging (>= 9.0.4) - restriction: || (>= net462) (>= netstandard2.0)
      Microsoft.Extensions.Logging.Abstractions (>= 9.0.4) - restriction: || (>= net462) (>= netstandard2.0)
      Microsoft.Extensions.Options (>= 9.0.4) - restriction: || (>= net462) (>= netstandard2.0)
      Microsoft.Extensions.Primitives (>= 9.0.4) - restriction: || (>= net462) (>= netstandard2.0)
      System.Text.Json (>= 9.0.4) - restriction: || (>= net462) (&& (>= net8.0) (< net9.0)) (&& (< net8.0) (>= netstandard2.0))
    Microsoft.Extensions.ObjectPool (9.0.4) - restriction: || (>= net462) (>= netstandard2.0)
    Microsoft.Extensions.Options (9.0.4) - restriction: || (>= net462) (>= netstandard2.0)
      Microsoft.Extensions.DependencyInjection.Abstractions (>= 9.0.4) - restriction: || (>= net462) (>= netstandard2.0)
      Microsoft.Extensions.Primitives (>= 9.0.4) - restriction: || (>= net462) (>= netstandard2.0)
      System.ComponentModel.Annotations (>= 5.0) - restriction: || (&& (< net462) (>= netstandard2.0) (< netstandard2.1)) (&& (< net8.0) (>= netstandard2.1))
      System.ValueTuple (>= 4.5) - restriction: >= net462
    Microsoft.Extensions.Options.ConfigurationExtensions (9.0.4) - restriction: || (>= net462) (>= net8.0)
      Microsoft.Extensions.Configuration.Abstractions (>= 9.0.4) - restriction: || (>= net462) (>= netstandard2.0)
      Microsoft.Extensions.Configuration.Binder (>= 9.0.4) - restriction: || (>= net462) (>= netstandard2.0)
      Microsoft.Extensions.DependencyInjection.Abstractions (>= 9.0.4) - restriction: || (>= net462) (>= netstandard2.0)
      Microsoft.Extensions.Options (>= 9.0.4) - restriction: || (>= net462) (>= netstandard2.0)
      Microsoft.Extensions.Primitives (>= 9.0.4) - restriction: || (>= net462) (>= netstandard2.0)
    Microsoft.Extensions.Primitives (9.0.4) - restriction: || (>= net462) (>= netstandard2.0)
    Microsoft.Extensions.Resilience (9.4) - restriction: || (>= net462) (>= net8.0)
      Microsoft.Extensions.Diagnostics (>= 8.0.1) - restriction: || (>= net462) (&& (>= net8.0) (< net9.0))
      Microsoft.Extensions.Diagnostics (>= 9.0.4) - restriction: >= net9.0
      Microsoft.Extensions.Diagnostics.ExceptionSummarization (>= 9.4) - restriction: || (>= net462) (>= net8.0)
      Microsoft.Extensions.Options.ConfigurationExtensions (>= 8.0) - restriction: || (>= net462) (&& (>= net8.0) (< net9.0))
      Microsoft.Extensions.Options.ConfigurationExtensions (>= 9.0.4) - restriction: >= net9.0
      Microsoft.Extensions.Telemetry.Abstractions (>= 9.4) - restriction: || (>= net462) (>= net8.0)
      Polly.Extensions (>= 8.4.2) - restriction: || (>= net462) (>= net8.0)
      Polly.RateLimiting (>= 8.4.2) - restriction: || (>= net462) (>= net8.0)
    Microsoft.Extensions.ServiceDiscovery (9.2.1)
      Microsoft.Extensions.Configuration.Abstractions (>= 8.0) - restriction: >= net8.0
      Microsoft.Extensions.Configuration.Binder (>= 8.0.2) - restriction: >= net8.0
      Microsoft.Extensions.DependencyInjection.Abstractions (>= 8.0.2) - restriction: >= net8.0
      Microsoft.Extensions.Features (>= 8.0.15) - restriction: >= net8.0
      Microsoft.Extensions.Http (>= 8.0.1) - restriction: >= net8.0
      Microsoft.Extensions.Logging.Abstractions (>= 8.0.3) - restriction: >= net8.0
      Microsoft.Extensions.Options (>= 8.0.2) - restriction: >= net8.0
      Microsoft.Extensions.Primitives (>= 8.0) - restriction: >= net8.0
      Microsoft.Extensions.ServiceDiscovery.Abstractions (>= 9.2.1) - restriction: >= net8.0
    Microsoft.Extensions.ServiceDiscovery.Abstractions (9.2.1) - restriction: >= net8.0
      Microsoft.Extensions.Configuration.Abstractions (>= 8.0) - restriction: >= net8.0
      Microsoft.Extensions.Configuration.Binder (>= 8.0.2) - restriction: >= net8.0
      Microsoft.Extensions.DependencyInjection.Abstractions (>= 8.0.2) - restriction: >= net8.0
      Microsoft.Extensions.Features (>= 8.0.15) - restriction: >= net8.0
      Microsoft.Extensions.Logging.Abstractions (>= 8.0.3) - restriction: >= net8.0
      Microsoft.Extensions.Options (>= 8.0.2) - restriction: >= net8.0
      Microsoft.Extensions.Primitives (>= 8.0) - restriction: >= net8.0
    Microsoft.Extensions.Telemetry (9.4) - restriction: || (>= net462) (>= net8.0)
      Microsoft.Bcl.TimeProvider (>= 8.0.1) - restriction: >= net462
      Microsoft.Extensions.AmbientMetadata.Application (>= 9.4) - restriction: || (>= net462) (>= net8.0)
      Microsoft.Extensions.DependencyInjection.AutoActivation (>= 9.4) - restriction: || (>= net462) (>= net8.0)
      Microsoft.Extensions.Logging.Configuration (>= 8.0.1) - restriction: || (>= net462) (&& (>= net8.0) (< net9.0))
      Microsoft.Extensions.Logging.Configuration (>= 9.0.4) - restriction: >= net9.0
      Microsoft.Extensions.ObjectPool (>= 8.0.15) - restriction: || (>= net462) (&& (>= net8.0) (< net9.0))
      Microsoft.Extensions.ObjectPool (>= 9.0.4) - restriction: >= net9.0
      Microsoft.Extensions.Telemetry.Abstractions (>= 9.4) - restriction: || (>= net462) (>= net8.0)
      System.Collections.Immutable (>= 8.0) - restriction: >= net462
    Microsoft.Extensions.Telemetry.Abstractions (9.4) - restriction: || (>= net462) (>= net8.0)
      Microsoft.Extensions.Compliance.Abstractions (>= 9.4) - restriction: || (>= net462) (>= net8.0)
      Microsoft.Extensions.Logging.Abstractions (>= 8.0.3) - restriction: || (>= net462) (&& (>= net8.0) (< net9.0))
      Microsoft.Extensions.Logging.Abstractions (>= 9.0.4) - restriction: >= net9.0
      Microsoft.Extensions.ObjectPool (>= 8.0.15) - restriction: || (>= net462) (&& (>= net8.0) (< net9.0))
      Microsoft.Extensions.ObjectPool (>= 9.0.4) - restriction: >= net9.0
      Microsoft.Extensions.Options (>= 8.0.2) - restriction: || (>= net462) (&& (>= net8.0) (< net9.0))
      Microsoft.Extensions.Options (>= 9.0.4) - restriction: >= net9.0
    Microsoft.IdentityModel.Abstractions (8.9) - restriction: >= net8.0
    Microsoft.IdentityModel.JsonWebTokens (8.9) - restriction: >= net8.0
      Microsoft.IdentityModel.Tokens (>= 8.9) - restriction: || (>= net462) (>= netstandard2.0)
    Microsoft.IdentityModel.Logging (8.9) - restriction: >= net8.0
      Microsoft.IdentityModel.Abstractions (>= 8.9) - restriction: || (>= net462) (>= netstandard2.0)
    Microsoft.IdentityModel.Tokens (8.9) - restriction: >= net8.0
      Microsoft.Bcl.Memory (>= 9.0) - restriction: || (>= net462) (&& (>= net6.0) (< net8.0)) (&& (< net6.0) (>= netstandard2.0)) (&& (>= net8.0) (< net9.0))
      Microsoft.Extensions.Logging.Abstractions (>= 8.0) - restriction: && (>= net8.0) (< net9.0)
      Microsoft.Extensions.Logging.Abstractions (>= 8.0.2) - restriction: >= net9.0
      Microsoft.IdentityModel.Logging (>= 8.9) - restriction: || (>= net462) (>= netstandard2.0)
    Microsoft.IO.RecyclableMemoryStream (3.0.1) - restriction: >= net8.0
    Microsoft.NET.StringTools (17.13.9) - restriction: >= net8.0
      System.Memory (>= 4.5.5) - restriction: || (>= net472) (&& (< net9.0) (>= netstandard2.0))
      System.Runtime.CompilerServices.Unsafe (>= 6.0) - restriction: || (>= net472) (&& (< net9.0) (>= netstandard2.0))
    Microsoft.OpenApi (1.6.24) - restriction: >= net9.0
    Microsoft.Playwright (1.51)
      Microsoft.Bcl.AsyncInterfaces (>= 6.0) - restriction: >= netstandard2.0
      System.ComponentModel.Annotations (>= 5.0) - restriction: >= netstandard2.0
      System.Text.Json (>= 6.0.10) - restriction: >= netstandard2.0
    Microsoft.VisualStudio.Threading.Only (17.13.61) - restriction: >= net8.0
      Microsoft.VisualStudio.Validation (>= 17.8.8) - restriction: >= netstandard2.0
    Microsoft.VisualStudio.Validation (17.8.8) - restriction: >= net8.0
    Nerdbank.Streams (2.12.87) - restriction: >= net8.0
      Microsoft.VisualStudio.Threading.Only (>= 17.13.61) - restriction: >= netstandard2.0
      Microsoft.VisualStudio.Validation (>= 17.8.8) - restriction: >= netstandard2.0
      System.IO.Pipelines (>= 8.0) - restriction: >= netstandard2.0
    Newtonsoft.Json (13.0.3) - restriction: >= netstandard2.0
    Npgsql (9.0.3) - restriction: >= net8.0
      Microsoft.Extensions.Logging.Abstractions (>= 8.0.2) - restriction: >= net6.0
    Npgsql.DependencyInjection (9.0.3) - restriction: >= net8.0
      Microsoft.Extensions.DependencyInjection.Abstractions (>= 8.0.2) - restriction: >= net6.0
      Npgsql (>= 9.0.3) - restriction: >= net6.0
    Npgsql.FSharp (8.0)
      FSharp.Core (>= 9.0.100) - restriction: >= net8.0
      Npgsql (>= 8.0.6) - restriction: >= net8.0
      System.Text.Json (>= 8.0.5) - restriction: >= net8.0
    Npgsql.OpenTelemetry (9.0.3) - restriction: >= net8.0
      Npgsql (>= 9.0.3) - restriction: >= net6.0
      OpenTelemetry.Api (>= 1.7) - restriction: >= net6.0
    OpenTelemetry (1.11.2) - restriction: || (>= net462) (>= netstandard2.0)
      Microsoft.Extensions.Diagnostics.Abstractions (>= 9.0) - restriction: || (>= net462) (>= netstandard2.0)
      Microsoft.Extensions.Logging.Configuration (>= 9.0) - restriction: || (>= net462) (>= netstandard2.0)
      OpenTelemetry.Api.ProviderBuilderExtensions (>= 1.11.2) - restriction: || (>= net462) (>= netstandard2.0)
    OpenTelemetry.Api (1.11.2) - restriction: || (>= net462) (>= netstandard2.0)
      System.Diagnostics.DiagnosticSource (>= 9.0) - restriction: || (>= net462) (>= netstandard2.0)
    OpenTelemetry.Api.ProviderBuilderExtensions (1.11.2) - restriction: || (>= net462) (>= netstandard2.0)
      Microsoft.Extensions.DependencyInjection.Abstractions (>= 9.0) - restriction: || (>= net462) (>= netstandard2.0)
      OpenTelemetry.Api (>= 1.11.2) - restriction: || (>= net462) (>= netstandard2.0)
    OpenTelemetry.Exporter.OpenTelemetryProtocol (1.11.2)
      Grpc.Core (>= 2.44 < 3.0) - restriction: || (>= net462) (&& (>= netstandard2.0) (< netstandard2.1))
      OpenTelemetry (>= 1.11.2) - restriction: || (>= net462) (>= netstandard2.0)
    OpenTelemetry.Extensions.Hosting (1.11.2)
      Microsoft.Extensions.Hosting.Abstractions (>= 9.0) - restriction: || (>= net462) (>= netstandard2.0)
      OpenTelemetry (>= 1.11.2) - restriction: || (>= net462) (>= netstandard2.0)
    OpenTelemetry.Instrumentation.AspNetCore (1.11.1)
      Microsoft.AspNetCore.Http.Abstractions (>= 2.1.1 < 6.0) - restriction: && (< net8.0) (>= netstandard2.0)
      Microsoft.AspNetCore.Http.Features (>= 2.1.1 < 6.0) - restriction: && (< net8.0) (>= netstandard2.0)
      Microsoft.Extensions.Configuration (>= 9.0) - restriction: && (< net8.0) (>= netstandard2.0)
      Microsoft.Extensions.Options (>= 9.0) - restriction: && (< net8.0) (>= netstandard2.0)
      OpenTelemetry.Api.ProviderBuilderExtensions (>= 1.11.2 < 2.0) - restriction: >= netstandard2.0
      System.Text.Encodings.Web (>= 4.7.2) - restriction: && (< net8.0) (>= netstandard2.0)
    OpenTelemetry.Instrumentation.Http (1.11.1)
      Microsoft.Extensions.Configuration (>= 9.0) - restriction: || (>= net462) (>= netstandard2.0)
      Microsoft.Extensions.Options (>= 9.0) - restriction: || (>= net462) (>= netstandard2.0)
      OpenTelemetry.Api.ProviderBuilderExtensions (>= 1.11.2 < 2.0) - restriction: || (>= net462) (>= netstandard2.0)
    OpenTelemetry.Instrumentation.Runtime (1.11.1)
      OpenTelemetry.Api (>= 1.11.2 < 2.0) - restriction: || (>= net462) (>= netstandard2.0)
    Oxpecker (1.2)
      FSharp.Core (>= 9.0.100) - restriction: >= net8.0
      Microsoft.IO.RecyclableMemoryStream (>= 3.0.1) - restriction: >= net8.0
      Oxpecker.ViewEngine (>= 1.1) - restriction: >= net8.0
    Oxpecker.Htmx (1.0)
      FSharp.Core (>= 9.0.100) - restriction: >= net8.0
      Oxpecker.ViewEngine (>= 1.0) - restriction: >= net8.0
    Oxpecker.OpenApi (1.0)
      FSharp.Core (>= 9.0.100) - restriction: >= net8.0
      Microsoft.AspNetCore.OpenApi (>= 8.0.1) - restriction: >= net8.0
      Oxpecker (>= 1.0) - restriction: >= net8.0
    Oxpecker.ViewEngine (1.1) - restriction: >= net8.0
      FSharp.Core (>= 9.0.100) - restriction: >= net8.0
      Microsoft.Extensions.ObjectPool (>= 9.0) - restriction: >= net8.0
    Polly.Core (8.5.2) - restriction: || (>= net462) (>= net8.0)
    Polly.Extensions (8.5.2) - restriction: || (>= net462) (>= net8.0)
      Microsoft.Extensions.Logging.Abstractions (>= 8.0) - restriction: || (>= net462) (>= netstandard2.0)
      Microsoft.Extensions.Options (>= 8.0) - restriction: || (>= net462) (>= netstandard2.0)
      Polly.Core (>= 8.5.2) - restriction: || (>= net462) (>= netstandard2.0)
      System.Diagnostics.DiagnosticSource (>= 8.0) - restriction: || (>= net462) (&& (< net6.0) (>= netstandard2.0))
    Polly.RateLimiting (8.5.2) - restriction: || (>= net462) (>= net8.0)
      Polly.Core (>= 8.5.2) - restriction: || (>= net462) (>= netstandard2.0)
      System.Threading.RateLimiting (>= 8.0) - restriction: || (>= net462) (>= netstandard2.0)
    SQLitePCLRaw.bundle_e_sqlite3 (2.1.11) - restriction: >= netstandard2.0
      SQLitePCLRaw.lib.e_sqlite3 (>= 2.1.11) - restriction: || (&& (< monoandroid9.0) (< net6.0-tvos) (>= netstandard2.0) (< xamarinios)) (>= net461) (>= net6.0-ios)
      SQLitePCLRaw.lib.e_sqlite3.android (>= 2.1.11) - restriction: >= monoandroid9.0
      SQLitePCLRaw.lib.e_sqlite3.ios (>= 2.1.11) - restriction: >= xamarinios
      SQLitePCLRaw.lib.e_sqlite3.tvos (>= 2.1.11) - restriction: >= net6.0-tvos
      SQLitePCLRaw.provider.dynamic_cdecl (>= 2.1.11) - restriction: >= net461
      SQLitePCLRaw.provider.e_sqlite3 (>= 2.1.11) - restriction: || (>= monoandroid9.0) (&& (< net461) (< net6.0-tvos) (>= netstandard2.0) (< xamarinios)) (>= net6.0-ios)
      SQLitePCLRaw.provider.internal (>= 2.1.11) - restriction: || (>= net6.0-tvos) (>= xamarinios)
      System.Runtime.InteropServices.NFloat.Internal (>= 6.0.1) - restriction: || (>= net6.0-ios) (>= net6.0-tvos)
    SQLitePCLRaw.core (2.1.11) - restriction: >= netstandard2.0
      System.Memory (>= 4.5.3) - restriction: >= netstandard2.0
    SQLitePCLRaw.lib.e_sqlite3 (2.1.11) - restriction: || (&& (< monoandroid9.0) (< net6.0-tvos) (>= netstandard2.0) (< xamarinios)) (&& (>= net461) (>= netstandard2.0)) (>= net6.0-ios)
    SQLitePCLRaw.lib.e_sqlite3.android (2.1.11) - restriction: >= monoandroid9.0
    SQLitePCLRaw.lib.e_sqlite3.ios (2.1.11) - restriction: >= xamarinios
      System.Runtime.InteropServices.NFloat.Internal (>= 6.0.1) - restriction: >= net6.0-ios
    SQLitePCLRaw.lib.e_sqlite3.tvos (2.1.11) - restriction: >= net6.0-tvos
      System.Runtime.InteropServices.NFloat.Internal (>= 6.0.1) - restriction: >= net6.0-tvos
    SQLitePCLRaw.provider.dynamic_cdecl (2.1.11) - restriction: && (>= net461) (>= netstandard2.0)
      SQLitePCLRaw.core (>= 2.1.11) - restriction: >= netstandard2.0
    SQLitePCLRaw.provider.e_sqlite3 (2.1.11) - restriction: || (>= monoandroid9.0) (&& (< net461) (< net6.0-tvos) (>= netstandard2.0) (< xamarinios)) (>= net6.0-ios)
      SQLitePCLRaw.core (>= 2.1.11) - restriction: >= netstandard2.0
    SQLitePCLRaw.provider.internal (2.1.11) - restriction: || (>= net6.0-tvos) (>= xamarinios)
      SQLitePCLRaw.core (>= 2.1.11) - restriction: >= netstandard2.0
    StreamJsonRpc (2.21.69) - restriction: >= net8.0
      MessagePack (>= 2.5.192) - restriction: >= netstandard2.0
      Microsoft.Bcl.AsyncInterfaces (>= 8.0) - restriction: >= netstandard2.0
      Microsoft.VisualStudio.Threading.Only (>= 17.13.61) - restriction: >= netstandard2.0
      Microsoft.VisualStudio.Validation (>= 17.8.8) - restriction: >= netstandard2.0
      Nerdbank.Streams (>= 2.11.90) - restriction: >= netstandard2.0
      Newtonsoft.Json (>= 13.0.3) - restriction: >= netstandard2.0
      System.IO.Pipelines (>= 8.0) - restriction: >= netstandard2.0
    System.Buffers (4.6.1) - restriction: || (>= net462) (&& (< net8.0) (>= netstandard2.0)) (&& (< netcoreapp2.1) (>= netstandard2.0) (< netstandard2.1))
    System.Collections.Immutable (9.0.4) - restriction: || (>= net462) (>= netstandard2.0)
      System.Memory (>= 4.5.5) - restriction: || (>= net462) (&& (< net8.0) (>= netstandard2.0))
      System.Runtime.CompilerServices.Unsafe (>= 6.0) - restriction: || (>= net462) (&& (< net8.0) (>= netstandard2.0))
    System.ComponentModel.Annotations (5.0) - restriction: || (&& (< net8.0) (>= netstandard2.1)) (>= netstandard2.0)
    System.Configuration.ConfigurationManager (9.0.4) - restriction: >= netstandard2.0
      System.Diagnostics.EventLog (>= 9.0.4) - restriction: >= net8.0
      System.Security.Cryptography.ProtectedData (>= 9.0.4) - restriction: || (&& (< net462) (>= netstandard2.0)) (>= net8.0)
    System.Diagnostics.DiagnosticSource (9.0.4) - restriction: || (>= net462) (&& (< net6.0) (>= net8.0)) (&& (>= net8.0) (< net9.0)) (>= netstandard2.0)
      System.Memory (>= 4.5.5) - restriction: || (>= net462) (&& (< net8.0) (>= netstandard2.0))
      System.Runtime.CompilerServices.Unsafe (>= 6.0) - restriction: || (>= net462) (&& (< net8.0) (>= netstandard2.0))
    System.Diagnostics.EventLog (9.0.4) - restriction: >= net8.0
    System.IdentityModel.Tokens.Jwt (8.9) - restriction: >= net8.0
      Microsoft.IdentityModel.JsonWebTokens (>= 8.9) - restriction: || (>= net462) (>= netstandard2.0)
      Microsoft.IdentityModel.Tokens (>= 8.9) - restriction: || (>= net462) (>= netstandard2.0)
    System.IO.Hashing (9.0.4) - restriction: >= net8.0
    System.IO.Pipelines (9.0.4) - restriction: || (>= net462) (>= netstandard2.0)
      System.Buffers (>= 4.5.1) - restriction: || (>= net462) (&& (< net8.0) (>= netstandard2.0))
      System.Memory (>= 4.5.5) - restriction: || (>= net462) (&& (< net8.0) (>= netstandard2.0))
      System.Threading.Tasks.Extensions (>= 4.5.4) - restriction: || (>= net462) (&& (< net8.0) (>= netstandard2.0))
    System.Memory (4.6.3) - restriction: || (>= net462) (&& (>= net472) (>= net8.0)) (&& (>= net8.0) (< net9.0)) (>= netstandard2.0)
      System.Buffers (>= 4.6.1) - restriction: || (>= net462) (&& (< netcoreapp2.1) (>= netstandard2.0) (< netstandard2.1))
      System.Numerics.Vectors (>= 4.6.1) - restriction: || (>= net462) (&& (< netcoreapp2.1) (>= netstandard2.0) (< netstandard2.1))
      System.Runtime.CompilerServices.Unsafe (>= 6.1.2) - restriction: || (>= net462) (&& (< netcoreapp2.1) (>= netstandard2.0) (< netstandard2.1))
    System.Numerics.Vectors (4.6.1) - restriction: || (>= net462) (&& (< netcoreapp2.1) (>= netstandard2.0) (< netstandard2.1))
    System.Reflection.Emit (4.7) - restriction: && (< net6.0) (>= netstandard2.0)
      System.Reflection.Emit.ILGeneration (>= 4.7) - restriction: || (&& (< monoandroid) (< monotouch) (< net45) (>= netstandard1.1) (< netstandard2.0) (< win8) (< wpa81) (< xamarintvos) (< xamarinwatchos)) (&& (< monoandroid) (< net45) (< netcoreapp2.0) (>= netstandard2.0) (< netstandard2.1) (< xamarintvos) (< xamarinwatchos)) (&& (< monoandroid) (< netstandard1.1) (>= portable-net45+win8+wpa81) (< win8)) (&& (< netstandard1.1) (>= win8)) (&& (< netstandard2.0) (>= wpa81)) (>= uap10.1)
    System.Reflection.Emit.ILGeneration (4.7) - restriction: || (&& (< monoandroid) (< net45) (< netcoreapp2.0) (>= netstandard2.0) (< netstandard2.1) (< xamarintvos) (< xamarinwatchos)) (&& (< monoandroid) (< netstandard1.1) (>= netstandard2.0) (< win8)) (&& (< netstandard1.1) (>= netstandard2.0) (>= win8)) (&& (>= netstandard2.0) (>= uap10.1))
    System.Reflection.Emit.Lightweight (4.7) - restriction: && (< net45) (>= netstandard2.0)
      System.Reflection.Emit.ILGeneration (>= 4.7) - restriction: || (&& (< monoandroid) (< monotouch) (< net45) (>= netstandard1.0) (< netstandard2.0) (< win8) (< wp8) (< wpa81) (< xamarintvos) (< xamarinwatchos)) (&& (< monoandroid) (< net45) (< netcoreapp2.0) (>= netstandard2.0) (< netstandard2.1) (< xamarintvos) (< xamarinwatchos)) (&& (< netstandard2.0) (>= wpa81)) (&& (>= portable-net45+win8+wp8+wpa81) (< portable-net45+wp8) (< win8)) (&& (< portable-net45+wp8) (>= win8)) (>= uap10.1)
    System.Runtime.CompilerServices.Unsafe (6.1.2) - restriction: || (>= net462) (&& (>= net472) (>= net8.0)) (&& (< net6.0) (>= netstandard2.0)) (&& (>= net8.0) (< net9.0)) (&& (< net8.0) (>= netstandard2.0)) (&& (< netcoreapp2.1) (>= netstandard2.0) (< netstandard2.1))
    System.Runtime.InteropServices.NFloat.Internal (6.0.1) - restriction: || (>= net6.0-ios) (>= net6.0-tvos)
    System.Security.Cryptography.ProtectedData (9.0.4) - restriction: || (&& (< net462) (>= netstandard2.0)) (>= net8.0)
      System.Memory (>= 4.5.5) - restriction: && (< net462) (< net8.0) (>= netstandard2.0)
    System.Text.Encoding.CodePages (9.0.4) - restriction: || (>= net462) (&& (< net6.0) (>= netstandard2.0))
      System.Memory (>= 4.5.5) - restriction: || (>= net462) (&& (< net8.0) (>= netstandard2.0))
      System.Runtime.CompilerServices.Unsafe (>= 6.0) - restriction: || (>= net462) (&& (< net8.0) (>= netstandard2.0))
    System.Text.Encodings.Web (9.0.4) - restriction: || (&& (>= net462) (>= net8.0)) (&& (>= net8.0) (< net9.0)) (&& (< net8.0) (>= netstandard2.0))
    System.Text.Json (9.0.4) - restriction: || (&& (>= net462) (>= net8.0)) (&& (>= net8.0) (< net9.0)) (&& (>= net8.0) (< netstandard2.1)) (>= netstandard2.0)
      System.IO.Pipelines (>= 9.0.4) - restriction: || (>= net462) (&& (>= net8.0) (< net9.0)) (&& (< net8.0) (>= netstandard2.0))
      System.Text.Encodings.Web (>= 9.0.4) - restriction: || (>= net462) (&& (>= net8.0) (< net9.0)) (&& (< net8.0) (>= netstandard2.0))
    System.Threading.Channels (9.0.4) - restriction: && (< net6.0) (>= netstandard2.0)
      Microsoft.Bcl.AsyncInterfaces (>= 9.0.4) - restriction: || (>= net462) (&& (>= netstandard2.0) (< netstandard2.1))
      System.Threading.Tasks.Extensions (>= 4.5.4) - restriction: || (>= net462) (&& (>= netstandard2.0) (< netstandard2.1))
    System.Threading.RateLimiting (9.0.4) - restriction: || (>= net462) (>= net8.0)
      Microsoft.Bcl.AsyncInterfaces (>= 9.0.4) - restriction: || (>= net462) (&& (< net8.0) (>= netstandard2.0))
      System.Threading.Tasks.Extensions (>= 4.5.4) - restriction: || (>= net462) (&& (< net8.0) (>= netstandard2.0))
    System.Threading.Tasks.Extensions (4.6.3) - restriction: || (>= net462) (&& (>= netstandard2.0) (< netstandard2.1))
      System.Runtime.CompilerServices.Unsafe (>= 6.1.2) - restriction: || (>= net462) (&& (< netcoreapp2.1) (>= netstandard2.0) (< netstandard2.1))
    System.ValueTuple (4.6.1) - restriction: >= net462
    YamlDotNet (16.3) - restriction: >= net8.0
